GIT
  remote: git://github.com/jenningsanderson/Static-bliss.git
  revision: eeacda415994af995b7cf1fec551fab86bde2027
  specs:
    Static-Bliss (0.1.8)
      aws-sdk
      google_drive
      s3

GIT
  remote: git://github.com/jenningsanderson/epic-geo.git
  revision: 426b5908308ca6cc83078bd9165d5bdcb3ed122f
  specs:
    epic-geo (0.1.0)
      json
      rgeo

GEM
  remote: http://rubygems.org/
  specs:
    activemodel (4.1.5)
      activesupport (= 4.1.5)
      builder (~> 3.1)
    activesupport (4.1.5)
      i18n (~> 0.6, >= 0.6.9)
      json (~> 1.7, >= 1.7.7)
      minitest (~> 5.1)
      thread_safe (~> 0.1)
      tzinfo (~> 1.1)
    aws-sdk (1.52.0)
      aws-sdk-v1 (= 1.52.0)
    aws-sdk-v1 (1.52.0)
      json (~> 1.4)
      nokogiri (>= 1.4.4)
    bson (1.10.2)
    bson_ext (1.10.2)
      bson (~> 1.10.2)
    builder (3.2.2)
    columnize (0.8.9)
    debugger (1.6.8)
      columnize (>= 0.3.1)
      debugger-linecache (~> 1.2.0)
      debugger-ruby_core_source (~> 1.3.5)
    debugger-linecache (1.2.0)
    debugger-ruby_core_source (1.3.5)
    faraday (0.9.0)
      multipart-post (>= 1.2, < 3)
    georuby (2.2.1)
    google_drive (0.3.10)
      nokogiri (>= 1.4.4, != 1.5.2, != 1.5.1)
      oauth (>= 0.3.6)
      oauth2 (>= 0.5.0)
    i18n (0.6.11)
    json (1.8.1)
    jwt (1.0.0)
    mini_portile (0.6.0)
    minitest (5.4.1)
    mongo (1.10.2)
      bson (= 1.10.2)
    mongo_mapper (0.13.0)
      activemodel (>= 3.0.0)
      activesupport (>= 3.0)
      mongo (~> 1.8)
      plucky (~> 0.6.5)
    multi_json (1.10.1)
    multi_xml (0.5.5)
    multipart-post (2.0.0)
    nokogiri (1.6.3.1)
      mini_portile (= 0.6.0)
    oauth (0.4.7)
    oauth2 (1.0.0)
      faraday (>= 0.8, < 0.10)
      jwt (~> 1.0)
      multi_json (~> 1.3)
      multi_xml (~> 0.5)
      rack (~> 1.2)
    plucky (0.6.6)
      mongo (~> 1.5)
    proxies (0.2.1)
    rack (1.5.2)
    rgeo (0.3.20)
    rgeo-geojson (0.3.1)
      rgeo (~> 0.3)
    s3 (0.3.21)
      proxies (~> 0.2.0)
    thread_safe (0.3.4)
    tzinfo (1.2.2)
      thread_safe (~> 0.1)

PLATFORMS
  ruby

DEPENDENCIES
  Static-Bliss!
  bson_ext
  debugger
  epic-geo!
  georuby
  mongo_mapper
  rgeo
  rgeo-geojson
