GIT
  remote: git://github.com/jenningsanderson/epic-geo.git
  revision: e1857424485394dba717c30d5c15f5952f618c05
  specs:
    epic-geo (0.1.0)
      json
      rgeo

GEM
  remote: http://rubygems.org/
  specs:
    activemodel (4.1.5)
      activesupport (= 4.1.5)
      builder (~> 3.1)
    activesupport (4.1.5)
      i18n (~> 0.6, >= 0.6.9)
      json (~> 1.7, >= 1.7.7)
      minitest (~> 5.1)
      thread_safe (~> 0.1)
      tzinfo (~> 1.1)
    bson (1.10.2)
    bson_ext (1.10.2)
      bson (~> 1.10.2)
    builder (3.2.2)
    columnize (0.8.9)
    debugger (1.6.6)
      columnize (>= 0.3.1)
      debugger-linecache (~> 1.2.0)
      debugger-ruby_core_source (~> 1.3.2)
    debugger-linecache (1.2.0)
    debugger-ruby_core_source (1.3.2)
    georuby (2.2.1)
    i18n (0.6.11)
    json (1.8.1)
    minitest (5.4.0)
    mongo (1.10.2)
      bson (= 1.10.2)
    mongo_mapper (0.13.0)
      activemodel (>= 3.0.0)
      activesupport (>= 3.0)
      mongo (~> 1.8)
      plucky (~> 0.6.5)
    plucky (0.6.6)
      mongo (~> 1.5)
    rgeo (0.3.20)
    thread_safe (0.3.4)
    tzinfo (1.2.2)
      thread_safe (~> 0.1)

PLATFORMS
  ruby

DEPENDENCIES
  bson_ext
  debugger
  epic-geo!
  georuby
  mongo_mapper
  rgeo
